GIT
  remote: http://github.com/guard/guard
  revision: a6f3ebebfac92d984b05d3ca6a96f0419d4931ee
  specs:
    guard (0.4.2)
      thor (~> 0.14.6)

GIT
  remote: http://github.com/johnbintz/guard-jasmine-headless-webkit
  revision: 8b65ee4ed3d233efa06000fc4b94543ef51c4ae0
  specs:
    guard-jasmine-headless-webkit (0.2.0)
      guard (>= 0.4.0)
      jasmine-headless-webkit (>= 0.3.0)

GIT
  remote: http://github.com/johnbintz/jasmine-headless-webkit
  revision: e7dcffe004129b31ea0673ca65d781810210461f
  specs:
    jasmine-headless-webkit (0.4.2)
      coffee-script (>= 2.2)
      jasmine
      rainbow

GEM
  remote: http://rubygems.org/
  specs:
    childprocess (0.1.9)
      ffi (~> 1.0.6)
    chunky_png (0.12.0)
    coffee-script (2.2.0)
      coffee-script-source
      execjs
    coffee-script-source (1.1.1)
    compass (0.11.beta.2)
      chunky_png (~> 0.12.0)
      sass (>= 3.1.0.alpha.218)
    diff-lcs (1.1.2)
    execjs (1.2.0)
      multi_json (~> 1.0)
    ffi (1.0.9)
    growl (1.0.3)
    guard-coffeescript (0.3.0)
      coffee-script (>= 2.2.0)
      guard (>= 0.4)
    guard-shell (0.1.1)
      guard (>= 0.2.0)
    jasmine (1.0.2.1)
      json_pure (>= 1.4.3)
      rack (>= 1.1)
      rspec (>= 1.3.1)
      selenium-webdriver (>= 0.1.3)
    json_pure (1.5.3)
    multi_json (1.0.3)
    rack (1.3.0)
    rainbow (1.1.1)
    rb-fsevent (0.4.0)
    rspec (2.6.0)
      rspec-core (~> 2.6.0)
      rspec-expectations (~> 2.6.0)
      rspec-mocks (~> 2.6.0)
    rspec-core (2.6.4)
    rspec-expectations (2.6.0)
      diff-lcs (~> 1.1.2)
    rspec-mocks (2.6.0)
    rubyzip (0.9.4)
    sass (3.2.0.alpha.8)
    selenium-webdriver (0.2.1)
      childprocess (>= 0.1.7)
      ffi (>= 1.0.7)
      json_pure
      rubyzip
    sinatra (1.1.4)
      rack (~> 1.1)
      tilt (< 2.0, >= 1.2.2)
    thor (0.14.6)
    tilt (1.3.2)

PLATFORMS
  ruby

DEPENDENCIES
  compass (= 0.11.beta.2)
  growl
  guard!
  guard-coffeescript
  guard-jasmine-headless-webkit!
  guard-shell
  jasmine-headless-webkit!
  rb-fsevent
  sinatra (= 1.1.4)
