GIT
  remote: http://github.com/guard/guard
  revision: 649920b7f0c88ed1e161826f75eda204d5f3ad83
  specs:
    guard (0.5.0)
      thor (~> 0.14.6)

GIT
  remote: http://github.com/johnbintz/guard-jasmine-headless-webkit
  revision: 245eeba2609e4021375208178bd8f26c3ee03a08
  specs:
    guard-jasmine-headless-webkit (0.2.0)
      guard (>= 0.4.0)
      jasmine-headless-webkit (>= 0.3.0)

GIT
  remote: http://github.com/johnbintz/jasmine-headless-webkit
  revision: 6454c329faaa6255dde1ae162f5650613ff6f5b2
  specs:
    jasmine-headless-webkit (0.4.3)
      coffee-script (>= 2.2)
      jasmine (~> 1.1.beta)
      rainbow

GEM
  remote: http://rubygems.org/
  specs:
    childprocess (0.1.9)
      ffi (~> 1.0.6)
    chunky_png (0.12.0)
    coffee-script (2.2.0)
      coffee-script-source
      execjs
    coffee-script-source (1.1.1)
    compass (0.11.beta.2)
      chunky_png (~> 0.12.0)
      sass (>= 3.1.0.alpha.218)
    diff-lcs (1.1.2)
    execjs (1.2.0)
      multi_json (~> 1.0)
    ffi (1.0.9)
    growl (1.0.3)
    guard-coffeescript (0.3.0)
      coffee-script (>= 2.2.0)
      guard (>= 0.4)
    guard-shell (0.1.1)
      guard (>= 0.2.0)
    jasmine (1.1.0.rc2)
      jasmine-core (>= 1.1.0.rc2)
      rack (>= 1.1)
      rspec (>= 1.3.1)
      selenium-webdriver (>= 0.1.3)
    jasmine-core (1.1.0.rc2)
    json_pure (1.5.3)
    multi_json (1.0.3)
    rack (1.3.0)
    rainbow (1.1.1)
    rb-fsevent (0.4.0)
    rspec (2.6.0)
      rspec-core (~> 2.6.0)
      rspec-expectations (~> 2.6.0)
      rspec-mocks (~> 2.6.0)
    rspec-core (2.6.4)
    rspec-expectations (2.6.0)
      diff-lcs (~> 1.1.2)
    rspec-mocks (2.6.0)
    rubyzip (0.9.4)
    sass (3.2.0.alpha.8)
    selenium-webdriver (0.2.2)
      childprocess (>= 0.1.9)
      ffi (>= 1.0.7)
      json_pure
      rubyzip
    sinatra (1.1.4)
      rack (~> 1.1)
      tilt (< 2.0, >= 1.2.2)
    thor (0.14.6)
    tilt (1.3.2)

PLATFORMS
  ruby

DEPENDENCIES
  compass (= 0.11.beta.2)
  growl
  guard!
  guard-coffeescript
  guard-jasmine-headless-webkit!
  guard-shell
  jasmine-headless-webkit!
  rb-fsevent
  sinatra (= 1.1.4)
