GEM
  remote: http://rubygems.org/
  specs:
    activesupport (3.0.7)
    addressable (2.2.5)
    childprocess (0.1.8)
      ffi (~> 1.0.6)
    chunky_png (0.12.0)
    compass (0.11.beta.2)
      chunky_png (~> 0.12.0)
      sass (>= 3.1.0.alpha.218)
    diff-lcs (1.1.2)
    em-websocket (0.2.1)
      addressable (>= 2.1.1)
      eventmachine (>= 0.12.9)
    eventmachine (0.12.10)
    ffi (1.0.7)
      rake (>= 0.8.7)
    guard (0.3.4)
      thor (~> 0.14.6)
    guard-livereload (0.1.11)
      em-websocket (~> 0.2.0)
      guard (>= 0.2.2)
      json (~> 1.5.1)
    guard-shell (0.1.1)
      guard (>= 0.2.0)
    i18n (0.4.2)
    jasmine (1.0.2.0)
      json_pure (>= 1.4.3)
      rack (>= 1.1)
      rspec (>= 1.3.1)
      selenium-webdriver (>= 0.1.3)
    json (1.5.1)
    json_pure (1.5.1)
    rack (1.2.2)
    rake (0.8.7)
    rb-fsevent (0.4.0)
    rspec (2.5.0)
      rspec-core (~> 2.5.0)
      rspec-expectations (~> 2.5.0)
      rspec-mocks (~> 2.5.0)
    rspec-core (2.5.2)
    rspec-expectations (2.5.0)
      diff-lcs (~> 1.1.2)
    rspec-mocks (2.5.0)
    rubyzip (0.9.4)
    sass (3.2.0.alpha.4)
    selenium-webdriver (0.2.0)
      childprocess (>= 0.1.7)
      ffi (>= 1.0.7)
      json_pure
      rubyzip
    serve (1.0.0)
      activesupport (~> 3.0.1)
      i18n (~> 0.4.1)
      rack (~> 1.2.1)
      tzinfo (~> 0.3.23)
    thor (0.14.6)
    tzinfo (0.3.27)

PLATFORMS
  ruby

DEPENDENCIES
  compass (= 0.11.beta.2)
  guard-livereload
  guard-shell
  jasmine
  rb-fsevent
  serve
