GIT
  remote: http://github.com/guard/guard
  revision: d7ed82db384687a4f0ef9acf8d0700ffce512072
  specs:
    guard (1.6.2)
      listen (>= 0.6.0)
      lumberjack (>= 1.0.2)
      pry (>= 0.9.10)
      terminal-table (>= 1.4.3)
      thor (>= 0.14.6)

GIT
  remote: http://github.com/johnbintz/guard-jasmine-headless-webkit
  revision: f86ec8b3b6e672ca6b3268de9054ed2cbedaa6a4
  specs:
    guard-jasmine-headless-webkit (0.4.0.rc1)
      guard (>= 0.4.0)
      jasmine-headless-webkit (>= 0.7.0)

GIT
  remote: http://github.com/johnbintz/jasmine-headless-webkit
  revision: aa1d989a90c7ebc2d5ac372f2228fbbbcd335fb0
  specs:
    jasmine-headless-webkit (0.9.0.rc.2)
      coffee-script
      jasmine-core
      multi_json (>= 1.2.0)
      rainbow
      sprockets
      sprockets-vendor_gems

GEM
  remote: http://rubygems.org/
  specs:
    chunky_png (0.12.0)
    coderay (1.0.8)
    coffee-script (2.2.0)
      coffee-script-source
      execjs
    coffee-script-source (1.4.0)
    compass (0.11.beta.2)
      chunky_png (~> 0.12.0)
      sass (>= 3.1.0.alpha.218)
    execjs (1.4.0)
      multi_json (~> 1.0)
    growl (1.0.3)
    guard-coffeescript (1.2.1)
      coffee-script (>= 2.2.0)
      guard (>= 1.1.0)
    guard-shell (0.5.1)
      guard (>= 1.1.0)
    hike (1.2.1)
    jasmine-core (1.3.1)
    listen (0.7.2)
    lumberjack (1.0.2)
    method_source (0.8.1)
    multi_json (1.6.0)
    pry (0.9.12)
      coderay (~> 1.0.5)
      method_source (~> 0.8)
      slop (~> 3.4)
    rack (1.5.2)
    rainbow (1.1.4)
    rb-fsevent (0.9.3)
    sass (3.3.0.alpha.69)
    sinatra (1.1.4)
      rack (~> 1.1)
      tilt (>= 1.2.2, < 2.0)
    slop (3.4.3)
    sprockets (2.8.2)
      hike (~> 1.2)
      multi_json (~> 1.0)
      rack (~> 1.0)
      tilt (~> 1.1, != 1.3.0)
    sprockets-vendor_gems (0.1.3)
      sprockets
    terminal-table (1.4.5)
    thor (0.17.0)
    tilt (1.3.3)

PLATFORMS
  ruby

DEPENDENCIES
  compass (= 0.11.beta.2)
  growl
  guard!
  guard-coffeescript
  guard-jasmine-headless-webkit!
  guard-shell
  jasmine-headless-webkit!
  rb-fsevent
  sinatra (= 1.1.4)
